GEM
  remote: https://rubygems.org/
  specs:
    awesome_print (1.8.0)
    coderay (1.1.2)
    method_source (0.9.2)
    net-ssh (5.2.0)
    pry (0.12.2)
      coderay (~> 1.1.0)
      method_source (~> 0.9.0)
    systemd_service_check (1.1.0)
      awesome_print
      net-ssh
      pry
      table_print
      thor
    table_print (1.5.6)
    thor (0.20.3)

PLATFORMS
  ruby

DEPENDENCIES
  systemd_service_check (~> 1.1)

BUNDLED WITH
   1.17.2
